PATH
  remote: .
  specs:
    simple (0.1)
      http_router
      rack

GEM
  remote: http://rubygems.org/
  specs:
    crack (0.3.1)
    diff-lcs (1.1.3)
    http_router (0.10.2)
      rack (>= 1.0.0)
      url_mount (~> 0.2.1)
    mime-types (1.17.2)
    parka (0.8.0)
      crack (~> 0.3.0)
      psych (~> 1.2.1)
      rest-client (~> 1.6.7)
      thor (~> 0.14.6)
    psych (1.2.2)
    rack (1.4.1)
    rack-test (0.6.1)
      rack (>= 1.0)
    rake (0.9.2.2)
    rest-client (1.6.7)
      mime-types (>= 1.16)
    rspec (2.8.0)
      rspec-core (~> 2.8.0)
      rspec-expectations (~> 2.8.0)
      rspec-mocks (~> 2.8.0)
    rspec-core (2.8.0)
    rspec-expectations (2.8.0)
      diff-lcs (~> 1.1.2)
    rspec-mocks (2.8.0)
    thor (0.14.6)
    url_mount (0.2.1)
      rack

PLATFORMS
  ruby

DEPENDENCIES
  parka
  rack-test
  rake
  rspec
  simple!
